PATH
  remote: .
  specs:
    synthesize (1.1.1)

GEM
  remote: https://rubygems.org/
  specs:
    rake (10.5.0)

PLATFORMS
  ruby

DEPENDENCIES
  bundler (~> 1.16)
  rake (~> 10.0)
  synthesize!

BUNDLED WITH
   1.16.4
